GEM
  remote: https://rubygems.org/
  specs:
    rack (1.6.12)
    rack-contrib (2.5.0)
      rack (< 4)

PLATFORMS
  ruby

DEPENDENCIES
  rack
  rack-contrib

BUNDLED WITH
   1.10.6
